PATH
  remote: .
  specs:
    ofc2 (0.0.1)

GEM
  remote: http://rubygems.org/
  specs:

PLATFORMS
  ruby

DEPENDENCIES
  ofc2!
